GEM
  remote: https://rubygems.org/
  specs:
    minitest (5.13.0)

PLATFORMS
  ruby

DEPENDENCIES
  minitest (~> 5.13)

BUNDLED WITH
   1.17.2
